GEM
  remote: http://rubygems.org/
  specs:
    diff-lcs (1.1.2)
    ffi (1.0.8)
    git (1.2.5)
    growl (1.0.3)
    guard (0.3.4)
      thor (~> 0.14.6)
    guard-rspec (0.3.1)
      guard (>= 0.2.2)
    jeweler (1.6.0)
      bundler (~> 1.0.0)
      git (>= 1.2.5)
      rake
    libnotify (0.3.0)
      ffi (>= 0.6.2)
    rake (0.9.0)
    rb-fsevent (0.4.0)
    rb-inotify (0.8.4)
      ffi (>= 0.5.0)
    rcov (0.9.9)
    rspec (2.6.0)
      rspec-core (~> 2.6.0)
      rspec-expectations (~> 2.6.0)
      rspec-mocks (~> 2.6.0)
    rspec-core (2.6.1)
    rspec-expectations (2.6.0)
      diff-lcs (~> 1.1.2)
    rspec-mocks (2.6.0)
    thor (0.14.6)

PLATFORMS
  ruby

DEPENDENCIES
  bundler (>= 1.0)
  growl
  guard
  guard-rspec
  jeweler (~> 1.6)
  libnotify
  rb-fsevent
  rb-inotify
  rcov
  rspec (~> 2.6)
